GEM
  remote: https://rubygems.org/
  specs:
    paint (0.8.6)

PLATFORMS
  ruby

DEPENDENCIES
  paint (~> 0.8.0)
